GEM
  remote: https://rubygems.org/
  specs:
    lerolero_generator (1.0.1)

PLATFORMS
  ruby

DEPENDENCIES
  lerolero_generator

BUNDLED WITH
   1.16.1
